GEM
  remote: http://rubygems.org/
  specs:
    daemons (1.1.4)
    diff-lcs (1.1.2)
    eventmachine (0.12.10)
    fpm (0.3.11)
      json
    json (1.5.3)
    rack (1.2.4)
    rack-protection (1.1.4)
      rack
    rack-test (0.6.1)
      rack (>= 1.0)
    rake (0.8.7)
    rcov (0.9.11)
    rspec (2.6.0)
      rspec-core (~> 2.6.0)
      rspec-expectations (~> 2.6.0)
      rspec-mocks (~> 2.6.0)
    rspec-core (2.6.4)
    rspec-expectations (2.6.0)
      diff-lcs (~> 1.1.2)
    rspec-mocks (2.6.0)
    sinatra (1.2.7)
      rack (~> 1.1)
      tilt (>= 1.2.2, < 2.0)
    thin (1.2.11)
      daemons (>= 1.0.9)
      eventmachine (>= 0.12.6)
      rack (>= 1.0.0)
    tilt (1.3.3)

PLATFORMS
  ruby

DEPENDENCIES
  daemons (= 1.1.4)
  diff-lcs (= 1.1.2)
  eventmachine (= 0.12.10)
  fpm (= 0.3.11)
  json (= 1.5.3)
  rack (= 1.2.4)
  rack-protection (= 1.1.4)
  rack-test (= 0.6.1)
  rake (= 0.8.7)
  rcov (= 0.9.11)
  rspec (= 2.6.0)
  rspec-core (= 2.6.4)
  rspec-expectations (= 2.6.0)
  rspec-mocks (= 2.6.0)
  sinatra (= 1.2.7)
  thin (= 1.2.11)
  tilt (= 1.3.3)
